PATH
  remote: /Volumes/Home/code/southwestluv
  specs:
    southwestluv (0.1.0)
      json-schema (~> 2.7)
      rest-client (~> 2.0)

GEM
  remote: https://rubygems.org/
  specs:
    addressable (2.5.0)
      public_suffix (~> 2.0, >= 2.0.2)
    commander (4.4.0)
      highline (~> 1.7.2)
    domain_name (0.5.20161021)
      unf (>= 0.0.5, < 1.0.0)
    highline (1.7.8)
    http-cookie (1.0.3)
      domain_name (~> 0.5)
    json-schema (2.7.0)
      addressable (>= 2.4)
    mail (2.6.3)
      mime-types (>= 1.16, < 3)
    mime-types (2.99)
    netrc (0.11.0)
    pony (1.11)
      mail (>= 2.0)
    public_suffix (2.0.4)
    rest-client (2.0.0)
      http-cookie (>= 1.0.2, < 2.0)
      mime-types (>= 1.16, < 4.0)
      netrc (~> 0.8)
    unf (0.1.4)
      unf_ext
    unf_ext (0.0.7.2)

PLATFORMS
  ruby

DEPENDENCIES
  commander (~> 4.4)
  pony (~> 1.11)
  southwestluv (~> 0.1)!

BUNDLED WITH
   1.13.6
