GEM
  remote: https://rubygems.org/
  specs:
    addressable (2.3.8)
    commander (4.3.5)
      highline (~> 1.7.2)
    domain_name (0.5.25)
      unf (>= 0.0.5, < 1.0.0)
    highline (1.7.8)
    http-cookie (1.0.2)
      domain_name (~> 0.5)
    json-schema (2.5.2)
      addressable (~> 2.3.8)
    mail (2.6.3)
      mime-types (>= 1.16, < 3)
    mime-types (2.99)
    netrc (0.11.0)
    pony (1.11)
      mail (>= 2.0)
    rest-client (1.8.0)
      http-cookie (>= 1.0.2, < 2.0)
      mime-types (>= 1.16, < 3.0)
      netrc (~> 0.7)
    thread_safe (0.3.5)
    tzinfo (1.2.2)
      thread_safe (~> 0.1)
    unf (0.1.4)
      unf_ext
    unf_ext (0.0.7.1)

PLATFORMS
  ruby

DEPENDENCIES
  commander (~> 4.3.5)
  json-schema (~> 2.5.1)
  pony (~> 1.11)
  rest-client (~> 1.8.0)
  tzinfo (~> 1.2.2)

BUNDLED WITH
   1.10.6
